GEM
  remote: https://rubygems.org/
  specs:
    motion-redgreen (0.1.0)
    motion-specwrap (1.0.0)
    rake (10.1.0)

PLATFORMS
  ruby

DEPENDENCIES
  motion-redgreen
  motion-specwrap
  rake
